PATH
  remote: .
  specs:
    jekyll-simple-assets (0.6.0)
      css_parser
      jekyll
      terser

GEM
  remote: https://rubygems.org/
  specs:
    addressable (2.8.1)
      public_suffix (>= 2.0.2, < 6.0)
    albino (1.3.3)
      posix-spawn (>= 0.3.6)
    classifier (1.3.5)
      fast-stemmer (~> 1.0.0)
      mathn
      rake
    css_parser (1.7.1)
      addressable
    directory_watcher (1.5.1)
    execjs (2.8.1)
    fast-stemmer (1.0.2)
    jekyll (0.11.0)
      albino (>= 1.3.2)
      classifier (>= 1.3.1)
      directory_watcher (>= 1.1.1)
      kramdown (>= 0.13.2)
      liquid (>= 1.9.0)
      maruku (>= 0.5.9)
    kramdown (2.3.1)
      rexml
    liquid (4.0.3)
    maruku (0.7.3)
    mathn (0.1.0)
    posix-spawn (0.3.15)
    public_suffix (4.0.7)
    rake (13.0.6)
    rexml (3.2.4)
    terser (1.1.12)
      execjs (>= 0.3.0, < 3)

PLATFORMS
  ruby

DEPENDENCIES
  bundler
  jekyll-simple-assets!

BUNDLED WITH
   2.1.4
